PATH
  remote: .
  specs:
    story_branch (2.2.1)
      blanket_wrapper (~> 3.0, > 3.0)
      damerau-levenshtein (~> 1.3, > 1.3)
      httparty (> 0)
      jira-ruby (> 1.7, < 3)
      story_branch-git_wrapper (~> 0.0.3)
      story_branch-graphql (~> 0.0.2)
      thor (> 0.20, < 2)
      tty-command (~> 0.8, > 0.8)
      tty-config (~> 0.2, > 0.2)
      tty-pager (~> 0.12, > 0.12)
      tty-prompt (~> 0.18, > 0.18)
      xdg (> 3.0, < 6)

GEM
  remote: https://rubygems.org/
  specs:
    activesupport (7.0.3.1)
      concurrent-ruby (~> 1.0, >= 1.0.2)
      i18n (>= 1.6, < 2)
      minitest (>= 5.1)
      tzinfo (~> 2.0)
    ast (2.4.2)
    atlassian-jwt (0.2.1)
      jwt (~> 2.1)
    blanket_wrapper (3.0.2)
      httparty
      recursive-open-struct
    coderay (1.1.3)
    concurrent-ruby (1.1.10)
    damerau-levenshtein (1.3.3)
    diff-lcs (1.5.0)
    docile (1.4.0)
    fakefs (1.8.0)
    git (1.11.0)
      rchardet (~> 1.8)
    httparty (0.20.0)
      mime-types (~> 3.0)
      multi_xml (>= 0.5.2)
    i18n (1.12.0)
      concurrent-ruby (~> 1.0)
    jira-ruby (2.2.0)
      activesupport
      atlassian-jwt
      multipart-post
      oauth (~> 0.5, >= 0.5.0)
    json (2.6.2)
    jwt (2.4.1)
    method_source (1.0.0)
    mime-types (3.4.1)
      mime-types-data (~> 3.2015)
    mime-types-data (3.2022.0105)
    minitest (5.16.3)
    multi_xml (0.6.0)
    multipart-post (2.2.3)
    oauth (0.5.10)
    ostruct (0.5.5)
    parallel (1.22.1)
    parser (3.1.2.0)
      ast (~> 2.4.1)
    pastel (0.8.0)
      tty-color (~> 0.5)
    pry (0.14.1)
      coderay (~> 1.1)
      method_source (~> 1.0)
    rainbow (3.1.1)
    rake (13.0.6)
    rchardet (1.8.0)
    recursive-open-struct (1.1.3)
    regexp_parser (2.5.0)
    rexml (3.2.5)
    rspec (3.11.0)
      rspec-core (~> 3.11.0)
      rspec-expectations (~> 3.11.0)
      rspec-mocks (~> 3.11.0)
    rspec-core (3.11.0)
      rspec-support (~> 3.11.0)
    rspec-expectations (3.11.0)
      diff-lcs (>= 1.2.0, < 2.0)
      rspec-support (~> 3.11.0)
    rspec-mocks (3.11.1)
      diff-lcs (>= 1.2.0, < 2.0)
      rspec-support (~> 3.11.0)
    rspec-support (3.11.0)
    rspec_junit_formatter (0.5.1)
      rspec-core (>= 2, < 4, != 2.12.0)
    rubocop (1.31.2)
      json (~> 2.3)
      parallel (~> 1.10)
      parser (>= 3.1.0.0)
      rainbow (>= 2.2.2, < 4.0)
      regexp_parser (>= 1.8, < 3.0)
      rexml (>= 3.2.5, < 4.0)
      rubocop-ast (>= 1.18.0, < 2.0)
      ruby-progressbar (~> 1.7)
      unicode-display_width (>= 1.4.0, < 3.0)
    rubocop-ast (1.19.1)
      parser (>= 3.1.1.0)
    ruby-progressbar (1.11.0)
    simplecov (0.21.2)
      docile (~> 1.1)
      simplecov-html (~> 0.11)
      simplecov_json_formatter (~> 0.1)
    simplecov-html (0.12.3)
    simplecov_json_formatter (0.1.4)
    story_branch-git_wrapper (0.0.3)
    story_branch-graphql (0.0.2)
      httparty (> 0)
    strings (0.2.1)
      strings-ansi (~> 0.2)
      unicode-display_width (>= 1.5, < 3.0)
      unicode_utils (~> 1.4)
    strings-ansi (0.2.0)
    thor (1.2.1)
    tty-color (0.6.0)
    tty-command (0.10.1)
      pastel (~> 0.8)
    tty-config (0.6.0)
    tty-cursor (0.7.1)
    tty-pager (0.14.0)
      strings (~> 0.2.0)
      tty-screen (~> 0.8)
    tty-prompt (0.23.1)
      pastel (~> 0.8)
      tty-reader (~> 0.8)
    tty-reader (0.9.0)
      tty-cursor (~> 0.7)
      tty-screen (~> 0.8)
      wisper (~> 2.0)
    tty-screen (0.8.1)
    tzinfo (2.0.5)
      concurrent-ruby (~> 1.0)
    unicode-display_width (2.2.0)
    unicode_utils (1.4.0)
    wisper (2.0.1)
    xdg (4.5.0)

PLATFORMS
  ruby

DEPENDENCIES
  bundler (~> 2.1, > 2.1)
  fakefs (> 0.14, < 2)
  git (~> 1.5, > 1.5)
  ostruct (~> 0.1, > 0.1)
  pry (~> 0.11, > 0.11)
  rake (>= 12.3.3, < 14)
  rspec (~> 3, > 3)
  rspec_junit_formatter (~> 0.4, > 0.4)
  rubocop (~> 1.22)
  simplecov (~> 0.16, > 0.16)
  story_branch!

BUNDLED WITH
   2.1.4
